GEM
  remote: https://rubygems.org/
  specs:
    bibtex-ruby (3.1.5)
      latex-decode (~> 0.0)
    blankslate (2.1.2.4)
    celluloid (0.15.2)
      timers (~> 1.1.0)
    citeproc (1.0.1)
      namae (~> 0.8)
    citeproc-ruby (1.0.3)
      citeproc (~> 1.0)
      csl (~> 1.2)
    classifier-reborn (2.0.1)
      fast-stemmer (~> 1.0)
    coffee-script (2.2.0)
      coffee-script-source
      execjs
    coffee-script-source (1.7.0)
    colorator (0.1)
    csl (1.2.1)
      namae (~> 0.7)
    csl-styles (1.0.1.5)
      csl (~> 1.0)
    execjs (2.0.2)
    fast-stemmer (1.0.2)
    ffi (1.9.3)
    jekyll (2.3.0)
      classifier-reborn (~> 2.0)
      colorator (~> 0.1)
      jekyll-coffeescript (~> 1.0)
      jekyll-gist (~> 1.0)
      jekyll-paginate (~> 1.0)
      jekyll-sass-converter (~> 1.0)
      jekyll-watch (~> 1.1)
      kramdown (~> 1.3)
      liquid (~> 2.6.1)
      mercenary (~> 0.3.3)
      pygments.rb (~> 0.6.0)
      redcarpet (~> 3.1)
      safe_yaml (~> 1.0)
      toml (~> 0.1.0)
    jekyll-coffeescript (1.0.1)
      coffee-script (~> 2.2)
    jekyll-gist (1.1.0)
    jekyll-paginate (1.0.0)
    jekyll-sass-converter (1.2.1)
      sass (~> 3.2)
    jekyll-scholar (4.0.5)
      bibtex-ruby (~> 3.0)
      citeproc-ruby (~> 1.0)
      csl-styles (~> 1.0)
      jekyll (~> 2.0)
    jekyll-sitemap (0.6.0)
    jekyll-watch (1.1.1)
      listen (~> 2.7)
    kramdown (1.3.3)
    latex-decode (0.1.1)
      unicode (~> 0.4)
    liquid (2.6.1)
    listen (2.7.5)
      celluloid (>= 0.15.2)
      rb-fsevent (>= 0.9.3)
      rb-inotify (>= 0.9)
    mercenary (0.3.3)
    namae (0.8.7)
    parslet (1.5.0)
      blankslate (~> 2.0)
    posix-spawn (0.3.8)
    pygments.rb (0.6.0)
      posix-spawn (~> 0.3.6)
      yajl-ruby (~> 1.1.0)
    rb-fsevent (0.9.4)
    rb-inotify (0.9.4)
      ffi (>= 0.5.0)
    redcarpet (3.1.2)
    rouge (1.11.1)
    safe_yaml (1.0.3)
    sass (3.3.7)
    timers (1.1.0)
    toml (0.1.1)
      parslet (~> 1.5.0)
    unicode (0.4.4.1)
    yajl-ruby (1.1.0)

PLATFORMS
  ruby

DEPENDENCIES
  jekyll
  jekyll-scholar
  jekyll-sitemap
  kramdown
  pygments.rb
  redcarpet
  rouge

BUNDLED WITH
   1.14.6
